GIT
  remote: git@github.com:metabahn/pakyow.git
  revision: 0b24bfae119fce1f72e65aa8a632dcde5396c542
  specs:
    pakyow (0.7.2)
      pakyow-core (= 0.7.2)
      pakyow-mailer (= 0.7.2)
      pakyow-presenter (= 0.7.2)
    pakyow-core (0.7.2)
      rack (~> 1.3)
    pakyow-mailer (0.7.2)
      mail (~> 2.3)
      pakyow-core (= 0.7.2)
      pakyow-presenter (= 0.7.2)
    pakyow-presenter (0.7.2)
      nokogiri (~> 1.5)
      pakyow-core (= 0.7.2)

GEM
  remote: http://rubygems.org/
  specs:
    daemons (1.1.4)
    eventmachine (0.12.10)
    i18n (0.6.1)
    mail (2.5.3)
      i18n (>= 0.4.0)
      mime-types (~> 1.16)
      treetop (~> 1.4.8)
    mime-types (1.20.1)
    nokogiri (1.5.6)
    polyglot (0.3.3)
    rack (1.5.1)
    rake (10.0.3)
    sass (3.2.1)
    thin (1.2.11)
      daemons (>= 1.0.9)
      eventmachine (>= 0.12.6)
      rack (>= 1.0.0)
    treetop (1.4.12)
      polyglot
      polyglot (>= 0.3.1)

PLATFORMS
  ruby

DEPENDENCIES
  pakyow!
  rake
  sass
  thin
