GIT
  remote: git://github.com/metabahn/pakyow.git
  revision: 4c2c44da2f88f4e6668a3baa5abfdb8fa1f1bbde
  specs:
    pakyow (0.8rc1)
      pakyow-core (= 0.8rc1)
      pakyow-mailer (= 0.8rc1)
      pakyow-presenter (= 0.8rc1)
      pakyow-rake (= 0.8rc1)
    pakyow-core (0.8rc1)
      rack (~> 1.3)
    pakyow-mailer (0.8rc1)
      mail (~> 2.3)
      pakyow-core (= 0.8rc1)
      pakyow-presenter (= 0.8rc1)
    pakyow-presenter (0.8rc1)
      nokogiri (~> 1.5)
      pakyow-core (= 0.8rc1)
    pakyow-rake (0.8rc1)
      pakyow-core (= 0.8rc1)

GEM
  remote: http://rubygems.org/
  specs:
    ansi (1.4.3)
    blankslate (2.1.2.4)
    daemons (1.1.4)
    eventmachine (0.12.10)
    ffi (1.0.11)
    mail (2.5.4)
      mime-types (~> 1.16)
      treetop (~> 1.4.8)
    mime-types (1.23)
    mini_portile (0.5.0)
    minitest (4.5.0)
    nokogiri (1.6.0)
      mini_portile (~> 0.5.0)
    polyglot (0.3.3)
    pygments.rb (0.2.4)
      rubypython (~> 0.5.3)
    rack (1.5.2)
    rake (10.0.3)
    rdiscount (1.6.8)
    rubypython (0.5.3)
      blankslate (>= 2.1.2.3)
      ffi (~> 1.0.7)
    sass (3.2.1)
    thin (1.2.11)
      daemons (>= 1.0.9)
      eventmachine (>= 0.12.6)
      rack (>= 1.0.0)
    treetop (1.4.14)
      polyglot
      polyglot (>= 0.3.1)
    turn (0.9.6)
      ansi

PLATFORMS
  ruby

DEPENDENCIES
  minitest
  pakyow!
  pygments.rb
  rake
  rdiscount
  sass
  thin
  turn
