GIT
  remote: git://github.com/metabahn/pakyow.git
  revision: a05af62d8c3daf3d9dde4282bdf6ad926f6d7900
  specs:
    pakyow (0.8.0)
      bundler (~> 1.5)
      pakyow-core (= 0.8.0)
      pakyow-mailer (= 0.8.0)
      pakyow-presenter (= 0.8.0)
    pakyow-core (0.8.0)
      rack (~> 1.5)
    pakyow-mailer (0.8.0)
      mail (~> 2.5)
      pakyow-core (= 0.8.0)
      pakyow-presenter (= 0.8.0)
      premailer (~> 1.8)
    pakyow-presenter (0.8.0)
      nokogiri (~> 1.6)
      pakyow-core (= 0.8.0)

GEM
  remote: http://rubygems.org/
  specs:
    addressable (2.3.5)
    ansi (1.4.3)
    blankslate (2.1.2.4)
    capistrano (2.15.5)
      highline
      net-scp (>= 1.0.0)
      net-sftp (>= 2.0.0)
      net-ssh (>= 2.0.14)
      net-ssh-gateway (>= 1.1.0)
    coderay (1.1.0)
    css_parser (1.3.5)
      addressable
    ffi (1.0.11)
    highline (1.6.20)
    htmlentities (4.3.1)
    mail (2.5.4)
      mime-types (~> 1.16)
      treetop (~> 1.4.8)
    method_source (0.8.2)
    mime-types (1.25.1)
    mini_portile (0.5.2)
    minitest (4.5.0)
    net-scp (1.1.2)
      net-ssh (>= 2.6.5)
    net-sftp (2.1.2)
      net-ssh (>= 2.6.5)
    net-ssh (2.7.0)
    net-ssh-gateway (1.2.0)
      net-ssh (>= 2.6.5)
    nokogiri (1.6.1)
      mini_portile (~> 0.5.0)
    polyglot (0.3.4)
    premailer (1.8.0)
      css_parser (>= 1.3.5)
      htmlentities (>= 4.0.0)
    pry (0.9.12.6)
      coderay (~> 1.0)
      method_source (~> 0.8)
      slop (~> 3.4)
    pry-nav (0.2.3)
      pry (~> 0.9.10)
    puma (2.7.1)
      rack (>= 1.1, < 2.0)
    pygments.rb (0.2.4)
      rubypython (~> 0.5.3)
    rack (1.5.2)
    rake (10.0.3)
    rdiscount (1.6.8)
    rubypython (0.5.3)
      blankslate (>= 2.1.2.3)
      ffi (~> 1.0.7)
    sass (3.2.1)
    slop (3.5.0)
    treetop (1.4.15)
      polyglot
      polyglot (>= 0.3.1)
    turn (0.9.6)
      ansi

PLATFORMS
  ruby

DEPENDENCIES
  capistrano (= 2.15.5)
  minitest
  pakyow!
  pry
  pry-nav
  puma
  pygments.rb
  rake
  rdiscount
  sass
  turn
