GIT
  remote: git@github.com:metabahn/pakyow.git
  revision: e819929fa2042ca49cfa0276e36fa767d265abf0
  specs:
    pakyow (0.8rc1)
      pakyow-core (= 0.8rc1)
      pakyow-mailer (= 0.8rc1)
      pakyow-presenter (= 0.8rc1)
    pakyow-core (0.8rc1)
      rack (~> 1.3)
    pakyow-mailer (0.8rc1)
      mail (~> 2.3)
      pakyow-core (= 0.8rc1)
      pakyow-presenter (= 0.8rc1)
    pakyow-presenter (0.8rc1)
      nokogiri (~> 1.5)
      pakyow-core (= 0.8rc1)

GEM
  remote: http://rubygems.org/
  specs:
    ansi (1.4.3)
    daemons (1.1.4)
    eventmachine (0.12.10)
    i18n (0.6.1)
    mail (2.5.3)
      i18n (>= 0.4.0)
      mime-types (~> 1.16)
      treetop (~> 1.4.8)
    mime-types (1.21)
    minitest (4.5.0)
    nokogiri (1.5.6)
    polyglot (0.3.3)
    rack (1.5.2)
    rake (10.0.3)
    sass (3.2.1)
    thin (1.2.11)
      daemons (>= 1.0.9)
      eventmachine (>= 0.12.6)
      rack (>= 1.0.0)
    treetop (1.4.12)
      polyglot
      polyglot (>= 0.3.1)
    turn (0.9.6)
      ansi

PLATFORMS
  ruby

DEPENDENCIES
  minitest
  pakyow!
  rake
  sass
  thin
  turn
