GIT
  remote: git://github.com/metabahn/pakyow.git
  revision: ecdcde8cc8f92c96cf97dacf5bb4b08d78f6920e
  specs:
    pakyow (0.8.rc4)
      bundler (>= 1.3.0)
      pakyow-core (= 0.8.rc4)
      pakyow-mailer (= 0.8.rc4)
      pakyow-presenter (= 0.8.rc4)
    pakyow-core (0.8.rc4)
      rack (~> 1.5)
    pakyow-mailer (0.8.rc4)
      mail (~> 2.5)
      pakyow-core (= 0.8.rc4)
      pakyow-presenter (= 0.8.rc4)
      premailer (~> 1.7)
    pakyow-presenter (0.8.rc4)
      nokogiri (~> 1.6)
      pakyow-core (= 0.8.rc4)

GEM
  remote: http://rubygems.org/
  specs:
    addressable (2.3.5)
    ansi (1.4.3)
    blankslate (2.1.2.4)
    css_parser (1.3.5)
      addressable
    ffi (1.0.11)
    htmlentities (4.3.1)
    mail (2.5.4)
      mime-types (~> 1.16)
      treetop (~> 1.4.8)
    mime-types (1.25.1)
    mini_portile (0.5.2)
    minitest (4.5.0)
    nokogiri (1.6.1)
      mini_portile (~> 0.5.0)
    polyglot (0.3.3)
    premailer (1.7.9)
      css_parser (>= 1.1.9)
      htmlentities (>= 4.0.0)
    puma (2.7.1)
      rack (>= 1.1, < 2.0)
    pygments.rb (0.2.4)
      rubypython (~> 0.5.3)
    rack (1.5.2)
    rake (10.0.3)
    rdiscount (1.6.8)
    rubypython (0.5.3)
      blankslate (>= 2.1.2.3)
      ffi (~> 1.0.7)
    sass (3.2.1)
    treetop (1.4.15)
      polyglot
      polyglot (>= 0.3.1)
    turn (0.9.6)
      ansi

PLATFORMS
  ruby

DEPENDENCIES
  minitest
  pakyow!
  puma
  pygments.rb
  rake
  rdiscount
  sass
  turn
